GIT
  remote: git://github.com/eventmachine/eventmachine.git
  revision: 651a35ee9df9826e048c3b3721e2c6b415c5a328
  branch: master
  specs:
    eventmachine (1.2.1)

GEM
  remote: https://rubygems.org/
  specs:
    daemons (1.2.4)
    httmultiparty (0.3.16)
      httparty (>= 0.7.3)
      mimemagic
      multipart-post
    httparty (0.14.0)
      multi_xml (>= 0.5.2)
    mimemagic (0.3.2)
    multi_json (1.12.1)
    multi_xml (0.6.0)
    multipart-post (2.0.0)
    rack (1.6.5)
    rack-protection (1.5.3)
      rack
    sinatra (1.4.7)
      rack (~> 1.5)
      rack-protection (~> 1.4)
      tilt (>= 1.3, < 3)
    strava-api-v3 (0.6.1)
      httmultiparty
      multi_json
    thin (1.7.0)
      daemons (~> 1.0, >= 1.0.9)
      eventmachine (~> 1.0, >= 1.0.4)
      rack (>= 1, < 3)
    tilt (2.0.5)

PLATFORMS
  ruby

DEPENDENCIES
  eventmachine!
  sinatra (~> 1.4.4)
  strava-api-v3
  thin

BUNDLED WITH
   1.11.2
