GIT
  remote: git://github.com/eventmachine/eventmachine.git
  revision: 539ae89b1b810f35d2585e4ac239013ac606f60e
  branch: master
  specs:
    eventmachine (1.2.0.1)

GEM
  remote: https://rubygems.org/
  specs:
    daemons (1.2.3)
    httmultiparty (0.3.16)
      httparty (>= 0.7.3)
      mimemagic
      multipart-post
    httparty (0.13.7)
      json (~> 1.8)
      multi_xml (>= 0.5.2)
    json (1.8.3)
    mimemagic (0.3.1)
    multi_json (1.12.1)
    multi_xml (0.5.5)
    multipart-post (2.0.0)
    rack (1.6.4)
    rack-protection (1.5.3)
      rack
    sinatra (1.4.7)
      rack (~> 1.5)
      rack-protection (~> 1.4)
      tilt (>= 1.3, < 3)
    strava-api-v3 (0.6.0)
      httmultiparty
      multi_json
    thin (1.6.4)
      daemons (~> 1.0, >= 1.0.9)
      eventmachine (~> 1.0, >= 1.0.4)
      rack (~> 1.0)
    tilt (2.0.4)

PLATFORMS
  ruby

DEPENDENCIES
  eventmachine!
  sinatra (~> 1.4.4)
  strava-api-v3
  thin

BUNDLED WITH
   1.11.2
